GIT
  remote: git://github.com/anjlab/bootstrap-rails.git
  revision: 05d2c564f8a8eef85565d89be1fc96e1d9237faf
  specs:
    anjlab-bootstrap-rails (3.0.0.2)
      railties (>= 3.0)
      sass (>= 3.2)

GIT
  remote: git://github.com/bernat/best_in_place.git
  revision: df178520bf9ba405baee9528d5dbb630d6ff760c
  specs:
    best_in_place (2.1.0)
      jquery-rails
      rails (>= 3.1)

GIT
  remote: git://github.com/pokonski/public_activity.git
  revision: 4e14ff246096604e4e3eb4d47372542e46c12ce3
  specs:
    public_activity (1.4.0)
      actionpack (>= 3.0.0)
      activerecord (>= 3.0)
      i18n (>= 0.5.0)
      railties (>= 3.0.0)

GEM
  remote: https://rubygems.org/
  specs:
    actionmailer (4.0.0)
      actionpack (= 4.0.0)
      mail (~> 2.5.3)
    actionpack (4.0.0)
      activesupport (= 4.0.0)
      builder (~> 3.1.0)
      erubis (~> 2.7.0)
      rack (~> 1.5.2)
      rack-test (~> 0.6.2)
    activemodel (4.0.0)
      activesupport (= 4.0.0)
      builder (~> 3.1.0)
    activerecord (4.0.0)
      activemodel (= 4.0.0)
      activerecord-deprecated_finders (~> 1.0.2)
      activesupport (= 4.0.0)
      arel (~> 4.0.0)
    activerecord-deprecated_finders (1.0.3)
    activesupport (4.0.0)
      i18n (~> 0.6, >= 0.6.4)
      minitest (~> 4.2)
      multi_json (~> 1.3)
      thread_safe (~> 0.1)
      tzinfo (~> 0.3.37)
    acts-as-taggable-on (2.4.1)
      rails (>= 3, < 5)
    addressable (2.3.5)
    arel (4.0.0)
    atomic (1.1.10)
    bcrypt-ruby (3.0.1)
    bcrypt-ruby (3.0.1-x86-mingw32)
    builder (3.1.4)
    bullet (4.6.0)
      uniform_notifier
    capybara (2.1.0)
      mime-types (>= 1.16)
      nokogiri (>= 1.3.3)
      rack (>= 1.0.0)
      rack-test (>= 0.5.4)
      xpath (~> 2.0)
    carrierwave (0.9.0)
      activemodel (>= 3.2.0)
      activesupport (>= 3.2.0)
      json (>= 1.7)
    coderay (1.0.9)
    coffee-rails (4.0.0)
      coffee-script (>= 2.2.0)
      railties (>= 4.0.0.beta, < 5.0)
    coffee-script (2.2.0)
      coffee-script-source
      execjs
    coffee-script-source (1.6.3)
    cucumber (1.3.5)
      builder (>= 2.1.2)
      diff-lcs (>= 1.1.3)
      gherkin (~> 2.12.0)
      multi_json (~> 1.7.5)
      multi_test (>= 0.0.2)
    cucumber-rails (1.3.0)
      capybara (>= 1.1.2)
      cucumber (>= 1.1.8)
      nokogiri (>= 1.5.0)
    daemons (1.1.9)
    database_cleaner (1.1.1)
    devise (3.0.0.rc)
      bcrypt-ruby (~> 3.0)
      orm_adapter (~> 0.1)
      railties (>= 3.2.6, < 5)
      warden (~> 1.2.1)
    diff-lcs (1.2.4)
    em-websocket (0.5.0)
      eventmachine (>= 0.12.9)
      http_parser.rb (~> 0.5.3)
    erubis (2.7.0)
    eventmachine (1.0.3)
    eventmachine (1.0.3-x86-mingw32)
    execjs (1.4.0)
      multi_json (~> 1.0)
    factory_girl (4.2.0)
      activesupport (>= 3.0.0)
    factory_girl_rails (4.2.1)
      factory_girl (~> 4.2.0)
      railties (>= 3.0.0)
    faker (1.2.0)
      i18n (~> 0.5)
    fastercsv (1.5.5)
    ffi (1.9.0)
    ffi (1.9.0-x86-mingw32)
    foreigner (1.4.2)
      activerecord (>= 3.0.0)
    foreigner-matcher (0.2.3)
      foreigner (>= 1.0.0)
    formatador (0.2.4)
    gherkin (2.12.0)
      multi_json (~> 1.3)
    gherkin (2.12.0-x86-mingw32)
      multi_json (~> 1.3)
    guard (1.8.2)
      formatador (>= 0.2.4)
      listen (>= 1.0.0)
      lumberjack (>= 1.0.2)
      pry (>= 0.9.10)
      thor (>= 0.14.6)
    guard-livereload (1.4.0)
      em-websocket (>= 0.5.0)
      guard (>= 1.8.0)
      multi_json (~> 1.7)
    guard-rspec (3.0.2)
      guard (>= 1.8)
      rspec (~> 2.13)
    hike (1.2.3)
    http_parser.rb (0.5.3)
    http_parser.rb (0.5.3-x86-mingw32)
    i18n (0.6.4)
    immigrant (0.1.4)
      activerecord (>= 3.0)
      foreigner (>= 1.2.1)
    jbuilder (1.5.0)
      activesupport (>= 3.0.0)
      multi_json (>= 1.2.0)
    jquery-rails (3.0.4)
      railties (>= 3.0, < 5.0)
      thor (>= 0.14, < 2.0)
    jquery-turbolinks (1.0.0)
      railties (>= 3.1.0)
      turbolinks
    json (1.8.0)
    launchy (2.3.0)
      addressable (~> 2.3)
    libv8 (3.16.14.3)
    listen (1.2.2)
      rb-fsevent (>= 0.9.3)
      rb-inotify (>= 0.9)
      rb-kqueue (>= 0.2)
    lumberjack (1.0.4)
    mail (2.5.4)
      mime-types (~> 1.16)
      treetop (~> 1.4.8)
    method_source (0.8.2)
    mime-types (1.23)
    mini_magick (3.6.0)
      subexec (~> 0.2.1)
    mini_portile (0.5.1)
    minitest (4.7.5)
    multi_json (1.7.7)
    multi_test (0.0.2)
    nokogiri (1.6.0)
      mini_portile (~> 0.5.0)
    nokogiri (1.6.0-x86-mingw32)
      mini_portile (~> 0.5.0)
    orm_adapter (0.4.0)
    pg (0.16.0)
    pg (0.16.0-x86-mingw32)
    polyglot (0.3.3)
    pry (0.9.12.2)
      coderay (~> 1.0.5)
      method_source (~> 0.8)
      slop (~> 3.4)
    pry (0.9.12.2-x86-mingw32)
      coderay (~> 1.0.5)
      method_source (~> 0.8)
      slop (~> 3.4)
      win32console (~> 1.3)
    rack (1.5.2)
    rack-test (0.6.2)
      rack (>= 1.0)
    rails (4.0.0)
      actionmailer (= 4.0.0)
      actionpack (= 4.0.0)
      activerecord (= 4.0.0)
      activesupport (= 4.0.0)
      bundler (>= 1.3.0, < 2.0)
      railties (= 4.0.0)
      sprockets-rails (~> 2.0.0)
    rails_12factor (0.0.2)
      rails_serve_static_assets
      rails_stdout_logging
    rails_serve_static_assets (0.0.1)
    rails_stdout_logging (0.0.1)
    railties (4.0.0)
      actionpack (= 4.0.0)
      activesupport (= 4.0.0)
      rake (>= 0.8.7)
      thor (>= 0.18.1, < 2.0)
    rake (10.1.0)
    rb-fsevent (0.9.3)
    rb-inotify (0.9.0)
      ffi (>= 0.5.0)
    rb-kqueue (0.2.0)
      ffi (>= 0.5.0)
    rdoc (3.12.2)
      json (~> 1.4)
    ref (1.0.5)
    rspec (2.14.1)
      rspec-core (~> 2.14.0)
      rspec-expectations (~> 2.14.0)
      rspec-mocks (~> 2.14.0)
    rspec-core (2.14.4)
    rspec-expectations (2.14.0)
      diff-lcs (>= 1.1.3, < 2.0)
    rspec-mocks (2.14.2)
    rspec-rails (2.14.0)
      actionpack (>= 3.0)
      activesupport (>= 3.0)
      railties (>= 3.0)
      rspec-core (~> 2.14.0)
      rspec-expectations (~> 2.14.0)
      rspec-mocks (~> 2.14.0)
    sass (3.2.10)
    sass-rails (4.0.0)
      railties (>= 4.0.0.beta, < 5.0)
      sass (>= 3.1.10)
      sprockets-rails (~> 2.0.0)
    sdoc (0.3.20)
      json (>= 1.1.3)
      rdoc (~> 3.10)
    slop (3.4.6)
    spork (0.9.2)
    sprockets (2.10.0)
      hike (~> 1.2)
      multi_json (~> 1.0)
      rack (~> 1.0)
      tilt (~> 1.1, != 1.3.0)
    sprockets-rails (2.0.0)
      actionpack (>= 3.0)
      activesupport (>= 3.0)
      sprockets (~> 2.8)
    subexec (0.2.3)
    therubyracer (0.12.0)
      libv8 (~> 3.16.14.0)
      ref
    thin (1.5.1)
      daemons (>= 1.0.9)
      eventmachine (>= 0.12.6)
      rack (>= 1.0.0)
    thor (0.18.1)
    thread_safe (0.1.2)
      atomic
    tilt (1.4.1)
    treetop (1.4.14)
      polyglot
      polyglot (>= 0.3.1)
    turbolinks (1.3.0)
      coffee-rails
    tzinfo (0.3.37)
    uglifier (2.1.2)
      execjs (>= 0.3.0)
      multi_json (~> 1.0, >= 1.0.2)
    uniform_notifier (1.3.0)
    warden (1.2.3)
      rack (>= 1.0)
    win32console (1.3.2-x86-mingw32)
    xpath (2.0.0)
      nokogiri (~> 1.3)

PLATFORMS
  ruby
  x86-mingw32

DEPENDENCIES
  acts-as-taggable-on
  anjlab-bootstrap-rails!
  bcrypt-ruby (~> 3.0.0)
  best_in_place!
  bullet
  carrierwave
  coffee-rails (~> 4.0.0)
  cucumber-rails
  database_cleaner (>= 0.8.0)
  devise (= 3.0.0.rc)
  factory_girl_rails (~> 4.0)
  faker
  fastercsv
  foreigner-matcher (~> 0.2.0)
  guard
  guard-livereload
  guard-rspec
  immigrant
  jbuilder (~> 1.2)
  jquery-rails
  jquery-turbolinks
  launchy
  mini_magick
  pg
  public_activity!
  rails (= 4.0.0)
  rails_12factor
  rspec-rails
  sass-rails (~> 4.0.0)
  sdoc
  spork
  therubyracer
  thin
  turbolinks
  uglifier (>= 1.3.0)
